GEM
  remote: https://rubygems.org/
  specs:
    faraday (0.9.1)
      multipart-post (>= 1.2, < 3)
    multipart-post (2.0.0)
    nfc (3.1.1)

PLATFORMS
  ruby

DEPENDENCIES
  faraday
  nfc
